GEM
  remote: https://rubygems.org/
  specs:
    actioncable (7.0.8.4)
      actionpack (= 7.0.8.4)
      activesupport (= 7.0.8.4)
      nio4r (~> 2.0)
      websocket-driver (>= 0.6.1)
    actionmailbox (7.0.8.4)
      actionpack (= 7.0.8.4)
      activejob (= 7.0.8.4)
      activerecord (= 7.0.8.4)
      activestorage (= 7.0.8.4)
      activesupport (= 7.0.8.4)
      mail (>= 2.7.1)
      net-imap
      net-pop
      net-smtp
    actionmailer (7.0.8.4)
      actionpack (= 7.0.8.4)
      actionview (= 7.0.8.4)
      activejob (= 7.0.8.4)
      activesupport (= 7.0.8.4)
      mail (~> 2.5, >= 2.5.4)
      net-imap
      net-pop
      net-smtp
      rails-dom-testing (~> 2.0)
    actionpack (7.0.8.4)
      actionview (= 7.0.8.4)
      activesupport (= 7.0.8.4)
      rack (~> 2.0, >= 2.2.4)
      rack-test (>= 0.6.3)
      rails-dom-testing (~> 2.0)
      rails-html-sanitizer (~> 1.0, >= 1.2.0)
    actiontext (7.0.8.4)
      actionpack (= 7.0.8.4)
      activerecord (= 7.0.8.4)
      activestorage (= 7.0.8.4)
      activesupport (= 7.0.8.4)
      globalid (>= 0.6.0)
      nokogiri (>= 1.8.5)
    actionview (7.0.8.4)
      activesupport (= 7.0.8.4)
      builder (~> 3.1)
      erubi (~> 1.4)
      rails-dom-testing (~> 2.0)
      rails-html-sanitizer (~> 1.1, >= 1.2.0)
    activejob (7.0.8.4)
      activesupport (= 7.0.8.4)
      globalid (>= 0.3.6)
    activemodel (7.0.8.4)
      activesupport (= 7.0.8.4)
    activerecord (7.0.8.4)
      activemodel (= 7.0.8.4)
      activesupport (= 7.0.8.4)
    activestorage (7.0.8.4)
      actionpack (= 7.0.8.4)
      activejob (= 7.0.8.4)
      activerecord (= 7.0.8.4)
      activesupport (= 7.0.8.4)
      marcel (~> 1.0)
      mini_mime (>= 1.1.0)
    activesupport (7.0.8.4)
      concurrent-ruby (~> 1.0, >= 1.0.2)
      i18n (>= 1.6, < 2)
      minitest (>= 5.1)
      tzinfo (~> 2.0)
    bootsnap (1.18.4)
      msgpack (~> 1.2)
    builder (3.3.0)
    byebug (11.1.3)
    concurrent-ruby (1.3.4)
    config (5.5.1)
      deep_merge (~> 1.2, >= 1.2.1)
    crass (1.0.6)
    date (3.3.4)
    deep_merge (1.2.2)
    diff-lcs (1.5.1)
    dotenv (3.1.2)
    dotenv-rails (3.1.2)
      dotenv (= 3.1.2)
      railties (>= 6.1)
    erubi (1.13.0)
    factory_bot (6.4.6)
      activesupport (>= 5.0.0)
    factory_bot_rails (6.4.3)
      factory_bot (~> 6.4)
      railties (>= 5.0.0)
    ffi (1.17.0)
    globalid (1.2.1)
      activesupport (>= 6.1)
    i18n (1.14.5)
      concurrent-ruby (~> 1.0)
    listen (3.9.0)
      rb-fsevent (~> 0.10, >= 0.10.3)
      rb-inotify (~> 0.9, >= 0.9.10)
    loofah (2.22.0)
      crass (~> 1.0.2)
      nokogiri (>= 1.12.0)
    mail (2.8.1)
      mini_mime (>= 0.1.1)
      net-imap
      net-pop
      net-smtp
    marcel (1.0.4)
    method_source (1.1.0)
    mini_mime (1.1.5)
    mini_portile2 (2.8.7)
    minitest (5.25.1)
    msgpack (1.7.2)
    net-imap (0.4.14)
      date
      net-protocol
    net-pop (0.1.2)
      net-protocol
    net-protocol (0.2.2)
      timeout
    net-smtp (0.5.0)
      net-protocol
    nio4r (2.7.3)
    nokogiri (1.16.7)
      mini_portile2 (~> 2.8.2)
      racc (~> 1.4)
    pg (1.5.7)
    puma (3.12.6)
    racc (1.8.1)
    rack (2.2.9)
    rack-test (2.1.0)
      rack (>= 1.3)
    rails (7.0.8.4)
      actioncable (= 7.0.8.4)
      actionmailbox (= 7.0.8.4)
      actionmailer (= 7.0.8.4)
      actionpack (= 7.0.8.4)
      actiontext (= 7.0.8.4)
      actionview (= 7.0.8.4)
      activejob (= 7.0.8.4)
      activemodel (= 7.0.8.4)
      activerecord (= 7.0.8.4)
      activestorage (= 7.0.8.4)
      activesupport (= 7.0.8.4)
      bundler (>= 1.15.0)
      railties (= 7.0.8.4)
    rails-dom-testing (2.2.0)
      activesupport (>= 5.0.0)
      minitest
      nokogiri (>= 1.6)
    rails-html-sanitizer (1.6.0)
      loofah (~> 2.21)
      nokogiri (~> 1.14)
    railties (7.0.8.4)
      actionpack (= 7.0.8.4)
      activesupport (= 7.0.8.4)
      method_source
      rake (>= 12.2)
      thor (~> 1.0)
      zeitwerk (~> 2.5)
    rake (13.2.1)
    rb-fsevent (0.11.2)
    rb-inotify (0.11.1)
      ffi (~> 1.0)
    rspec-core (3.13.0)
      rspec-support (~> 3.13.0)
    rspec-expectations (3.13.2)
      diff-lcs (>= 1.2.0, < 2.0)
      rspec-support (~> 3.13.0)
    rspec-mocks (3.13.1)
      diff-lcs (>= 1.2.0, < 2.0)
      rspec-support (~> 3.13.0)
    rspec-rails (4.0.2)
      actionpack (>= 4.2)
      activesupport (>= 4.2)
      railties (>= 4.2)
      rspec-core (~> 3.10)
      rspec-expectations (~> 3.10)
      rspec-mocks (~> 3.10)
      rspec-support (~> 3.10)
    rspec-support (3.13.1)
    thor (1.3.1)
    timeout (0.4.1)
    tzinfo (2.0.6)
      concurrent-ruby (~> 1.0)
    websocket-driver (0.7.6)
      websocket-extensions (>= 0.1.0)
    websocket-extensions (0.1.5)
    zeitwerk (2.6.17)

PLATFORMS
  ruby

DEPENDENCIES
  bootsnap (>= 1.4.2)
  byebug
  config
  dotenv-rails
  factory_bot_rails
  listen (~> 3.2)
  pg
  puma (~> 3.11)
  rails (~> 7.0.0)
  rspec-rails (~> 4.0.1)

RUBY VERSION
   ruby 3.2.2p53

BUNDLED WITH
   2.1.4
